GIT
  remote: https://github.com/kreeti/kt-paperclip.git
  revision: ff04ddc779102550b46aa6bb86b1632e36423574
  specs:
    kt-paperclip (7.2.2)
      activemodel (>= 4.2.0)
      activesupport (>= 4.2.0)
      marcel (~> 1.0.1)
      mime-types
      terrapin (>= 0.6.0, < 2.0)

GIT
  remote: https://github.com/mmotherwell/best_in_place
  revision: 88eb3052623a9a6cd346864d2aca05021c2f80d0
  specs:
    best_in_place (3.1.1)
      actionpack (>= 3.2)
      railties (>= 3.2)

GIT
  remote: https://github.com/vtamara/cocoon.git
  revision: 9f1892403c3dbdb8f7d457a06f237ff58e7dfb07
  branch: new_id_with_ajax
  specs:
    cocoon (1.2.11)

GIT
  remote: https://gitlab.com/pasosdeJesus/apo214.git
  revision: 33a582b9293fb9cc69d2387fecdf6b3be9629345
  branch: main
  specs:
    apo214 (2.2.0.beta4)
      msip
      rails

GIT
  remote: https://gitlab.com/pasosdeJesus/heb412_gen.git
  revision: b08ea2fccc9a63cf890f4037360a786b783eea55
  branch: main
  specs:
    heb412_gen (2.2.0.beta4)
      mr519_gen
      msip
      redcarpet
      rspreadsheet

GIT
  remote: https://gitlab.com/pasosdeJesus/mr519_gen.git
  revision: 1f15fbbb2e262f2c92192fa805da509a5ce742f6
  branch: main
  specs:
    mr519_gen (2.2.0.beta4)
      msip
      rails

GIT
  remote: https://gitlab.com/pasosdeJesus/msip.git
  revision: aafe487e6d7c568918452f6104d54d84927d317d
  branch: main
  specs:
    msip (2.2.0.beta4)
      cancancan (~> 3)
      devise (~> 4)
      devise-i18n (~> 1)
      kt-paperclip (~> 7)
      pg (~> 1)
      rails (~> 7.0)
      rails-i18n (~> 7)
      sassc-rails (~> 2)
      simple_form (~> 5)
      sprockets-rails (~> 3)
      stimulus-rails (~> 1)
      twitter_cldr (~> 6)
      will_paginate (~> 3)

GIT
  remote: https://gitlab.com/pasosdeJesus/sivel2_gen.git
  revision: 78b8653362977f26959116fe5e6bf3cce00f14e5
  branch: main
  specs:
    sivel2_gen (2.2.0.beta4)
      color
      devise
      rails

GEM
  remote: https://rubygems.org/
  specs:
    actioncable (7.0.8)
      actionpack (= 7.0.8)
      activesupport (= 7.0.8)
      nio4r (~> 2.0)
      websocket-driver (>= 0.6.1)
    actionmailbox (7.0.8)
      actionpack (= 7.0.8)
      activejob (= 7.0.8)
      activerecord (= 7.0.8)
      activestorage (= 7.0.8)
      activesupport (= 7.0.8)
      mail (>= 2.7.1)
      net-imap
      net-pop
      net-smtp
    actionmailer (7.0.8)
      actionpack (= 7.0.8)
      actionview (= 7.0.8)
      activejob (= 7.0.8)
      activesupport (= 7.0.8)
      mail (~> 2.5, >= 2.5.4)
      net-imap
      net-pop
      net-smtp
      rails-dom-testing (~> 2.0)
    actionpack (7.0.8)
      actionview (= 7.0.8)
      activesupport (= 7.0.8)
      rack (~> 2.0, >= 2.2.4)
      rack-test (>= 0.6.3)
      rails-dom-testing (~> 2.0)
      rails-html-sanitizer (~> 1.0, >= 1.2.0)
    actiontext (7.0.8)
      actionpack (= 7.0.8)
      activerecord (= 7.0.8)
      activestorage (= 7.0.8)
      activesupport (= 7.0.8)
      globalid (>= 0.6.0)
      nokogiri (>= 1.8.5)
    actionview (7.0.8)
      activesupport (= 7.0.8)
      builder (~> 3.1)
      erubi (~> 1.4)
      rails-dom-testing (~> 2.0)
      rails-html-sanitizer (~> 1.1, >= 1.2.0)
    activejob (7.0.8)
      activesupport (= 7.0.8)
      globalid (>= 0.3.6)
    activemodel (7.0.8)
      activesupport (= 7.0.8)
    activerecord (7.0.8)
      activemodel (= 7.0.8)
      activesupport (= 7.0.8)
    activestorage (7.0.8)
      actionpack (= 7.0.8)
      activejob (= 7.0.8)
      activerecord (= 7.0.8)
      activesupport (= 7.0.8)
      marcel (~> 1.0)
      mini_mime (>= 1.1.0)
    activesupport (7.0.8)
      concurrent-ruby (~> 1.0, >= 1.0.2)
      i18n (>= 1.6, < 2)
      minitest (>= 5.1)
      tzinfo (~> 2.0)
    acts_as_list (1.1.0)
      activerecord (>= 4.2)
    addressable (2.8.6)
      public_suffix (>= 2.0.2, < 6.0)
    andand (1.3.3)
    apexcharts (0.2.0)
    babel-source (5.8.35)
    babel-transpiler (0.7.0)
      babel-source (>= 4.0, < 6)
      execjs (~> 2.0)
    bcrypt (3.1.20)
    bindex (0.8.1)
    bootsnap (1.17.1)
      msgpack (~> 1.2)
    builder (3.2.4)
    camertron-eprun (1.1.1)
    cancancan (3.5.0)
    capybara (3.39.2)
      addressable
      matrix
      mini_mime (>= 0.1.3)
      nokogiri (~> 1.8)
      rack (>= 1.6.0)
      rack-test (>= 0.6.3)
      regexp_parser (>= 1.5, < 3.0)
      xpath (~> 3.2)
    choice (0.2.0)
    cldr-plurals-runtime-rb (1.1.0)
    climate_control (1.2.0)
    coffee-rails (5.0.0)
      coffee-script (>= 2.2.0)
      railties (>= 5.2.0)
    coffee-script (2.4.1)
      coffee-script-source
      execjs
    coffee-script-source (1.12.2)
    color (1.8)
    colorize (1.1.0)
    concurrent-ruby (1.2.3)
    crass (1.0.6)
    cuprite (0.15)
      capybara (~> 3.0)
      ferrum (~> 0.14.0)
    date (3.3.4)
    debug (1.9.1)
      irb (~> 1.10)
      reline (>= 0.3.8)
    devise (4.9.3)
      bcrypt (~> 3.0)
      orm_adapter (~> 0.1)
      railties (>= 4.1.0)
      responders
      warden (~> 1.2.3)
    devise-i18n (1.12.0)
      devise (>= 4.9.0)
    docile (1.4.0)
    dotenv (2.8.1)
    dotenv-rails (2.8.1)
      dotenv (= 2.8.1)
      railties (>= 3.2)
    erd (0.8.2)
      nokogiri
      ruby-graphviz
    erubi (1.12.0)
    execjs (2.9.1)
    ferrum (0.14)
      addressable (~> 2.5)
      concurrent-ruby (~> 1.1)
      webrick (~> 1.7)
      websocket-driver (>= 0.6, < 0.8)
    ffi (1.16.3)
    globalid (1.2.1)
      activesupport (>= 6.1)
    hotwire-rails (0.1.3)
      rails (>= 6.0.0)
      stimulus-rails
      turbo-rails
    i18n (1.14.1)
      concurrent-ruby (~> 1.0)
    io-console (0.7.2)
    irb (1.11.1)
      rdoc
      reline (>= 0.4.2)
    jbuilder (2.11.5)
      actionview (>= 5.0.0)
      activesupport (>= 5.0.0)
    jsbundling-rails (1.2.2)
      railties (>= 6.0.0)
    kgio (2.11.4)
    libxml-ruby (5.0.2)
    loofah (2.22.0)
      crass (~> 1.0.2)
      nokogiri (>= 1.12.0)
    mail (2.8.1)
      mini_mime (>= 0.1.1)
      net-imap
      net-pop
      net-smtp
    marcel (1.0.2)
    matrix (0.4.2)
    method_source (1.0.0)
    mime-types (3.5.2)
      mime-types-data (~> 3.2015)
    mime-types-data (3.2023.1205)
    mini_mime (1.1.5)
    mini_portile2 (2.8.5)
    minitest (5.21.2)
    msgpack (1.7.2)
    net-imap (0.4.9.1)
      date
      net-protocol
    net-pop (0.1.2)
      net-protocol
    net-protocol (0.2.2)
      timeout
    net-smtp (0.4.0.1)
      net-protocol
    nio4r (2.7.0)
    nokogiri (1.16.0)
      mini_portile2 (~> 2.8.2)
      racc (~> 1.4)
    odf-report (0.7.3)
      mime-types
      nokogiri (>= 1.10.0)
      rubyzip (>= 1.3.0)
    orm_adapter (0.5.0)
    pdf-core (0.9.0)
    pg (1.5.4)
    prawn (2.4.0)
      pdf-core (~> 0.9.0)
      ttfunk (~> 1.7)
    prawn-table (0.2.2)
      prawn (>= 1.3.0, < 3.0.0)
    prawnto_2 (0.3.1)
      prawn (>= 1.0.0)
      rails (>= 3.2)
    psych (5.1.2)
      stringio
    public_suffix (5.0.4)
    puma (6.4.2)
      nio4r (~> 2.0)
    racc (1.7.3)
    rack (2.2.8)
    rack-cors (2.0.1)
      rack (>= 2.0.0)
    rack-test (2.1.0)
      rack (>= 1.3)
    rails (7.0.8)
      actioncable (= 7.0.8)
      actionmailbox (= 7.0.8)
      actionmailer (= 7.0.8)
      actionpack (= 7.0.8)
      actiontext (= 7.0.8)
      actionview (= 7.0.8)
      activejob (= 7.0.8)
      activemodel (= 7.0.8)
      activerecord (= 7.0.8)
      activestorage (= 7.0.8)
      activesupport (= 7.0.8)
      bundler (>= 1.15.0)
      railties (= 7.0.8)
    rails-dom-testing (2.2.0)
      activesupport (>= 5.0.0)
      minitest
      nokogiri (>= 1.6)
    rails-erd (1.7.2)
      activerecord (>= 4.2)
      activesupport (>= 4.2)
      choice (~> 0.2.0)
      ruby-graphviz (~> 1.2)
    rails-html-sanitizer (1.6.0)
      loofah (~> 2.21)
      nokogiri (~> 1.14)
    rails-i18n (7.0.8)
      i18n (>= 0.7, < 2)
      railties (>= 6.0.0, < 8)
    railties (7.0.8)
      actionpack (= 7.0.8)
      activesupport (= 7.0.8)
      method_source
      rake (>= 12.2)
      thor (~> 1.0)
      zeitwerk (~> 2.5)
    raindrops (0.20.1)
    rake (13.1.0)
    rdoc (6.6.2)
      psych (>= 4.0.0)
    redcarpet (3.6.0)
    redis (4.8.1)
    regexp_parser (2.9.0)
    reline (0.4.2)
      io-console (~> 0.5)
    responders (3.1.1)
      actionpack (>= 5.2)
      railties (>= 5.2)
    rexml (3.2.6)
    rspreadsheet (0.5.3)
      andand (>= 1.3)
      rubyzip (>= 1.3)
    ruby-graphviz (1.2.5)
      rexml
    rubyzip (2.3.2)
    sassc (2.4.0)
      ffi (~> 1.9)
    sassc-rails (2.1.2)
      railties (>= 4.0.0)
      sassc (>= 2.0)
      sprockets (> 3.0)
      sprockets-rails
      tilt
    selenium-webdriver (4.16.0)
      rexml (~> 3.2, >= 3.2.5)
      rubyzip (>= 1.2.2, < 3.0)
      websocket (~> 1.0)
    simple_form (5.3.0)
      actionpack (>= 5.2)
      activemodel (>= 5.2)
    simplecov (0.22.0)
      docile (~> 1.1)
      simplecov-html (~> 0.11)
      simplecov_json_formatter (~> 0.1)
    simplecov-html (0.12.3)
    simplecov_json_formatter (0.1.4)
    spring (4.1.3)
    sprockets (4.2.1)
      concurrent-ruby (~> 1.0)
      rack (>= 2.2.4, < 4)
    sprockets-rails (3.4.2)
      actionpack (>= 5.2)
      activesupport (>= 5.2)
      sprockets (>= 3.0.0)
    stimulus-rails (1.3.3)
      railties (>= 6.0.0)
    stringio (3.1.0)
    terrapin (1.0.1)
      climate_control
    thor (1.3.0)
    tilt (2.3.0)
    timeout (0.4.1)
    ttfunk (1.7.0)
    turbo-rails (1.5.0)
      actionpack (>= 6.0.0)
      activejob (>= 6.0.0)
      railties (>= 6.0.0)
    twitter_cldr (6.12.0)
      camertron-eprun
      cldr-plurals-runtime-rb (~> 1.1)
      tzinfo
    tzinfo (2.0.6)
      concurrent-ruby (~> 1.0)
    unicorn (6.1.0)
      kgio (~> 2.6)
      raindrops (~> 0.7)
    warden (1.2.9)
      rack (>= 2.0.9)
    web-console (4.2.1)
      actionview (>= 6.0.0)
      activemodel (>= 6.0.0)
      bindex (>= 0.4.0)
      railties (>= 6.0.0)
    webrick (1.8.1)
    websocket (1.2.10)
    websocket-driver (0.7.6)
      websocket-extensions (>= 0.1.0)
    websocket-extensions (0.1.5)
    will_paginate (3.3.1)
    xpath (3.2.0)
      nokogiri (~> 1.8)
    zeitwerk (2.6.12)

PLATFORMS
  x86_64-openbsd

DEPENDENCIES
  acts_as_list
  apexcharts
  apo214!
  babel-transpiler
  bcrypt
  best_in_place!
  bootsnap (>= 1.1.0)
  cancancan
  capybara
  cocoon!
  coffee-rails
  color
  colorize
  cuprite
  debug
  devise
  devise-i18n
  dotenv-rails
  erd
  heb412_gen!
  hotwire-rails
  jbuilder
  jsbundling-rails
  kt-paperclip!
  libxml-ruby
  mr519_gen!
  msip!
  nokogiri (>= 1.11.1)
  odf-report
  pg
  prawn
  prawn-table
  prawnto_2
  puma
  rack
  rack-cors
  rails (>= 7.0, < 7.1)
  rails-erd
  rails-i18n
  redcarpet
  redis (~> 4.0)
  rspreadsheet
  rubyzip (>= 2.0)
  sassc-rails
  selenium-webdriver
  simple_form
  simplecov
  sivel2_gen!
  spring
  sprockets-rails
  stimulus-rails
  turbo-rails (~> 1.0)
  twitter_cldr
  tzinfo
  unicorn
  web-console
  will_paginate

BUNDLED WITH
   2.5.5
